GEM
  remote: https://rubygems.org/
  specs:
    activesupport (5.2.3)
      concurrent-ruby (~> 1.0, >= 1.0.2)
      i18n (>= 0.7, < 2)
      minitest (~> 5.1)
      tzinfo (~> 1.1)
    backports (3.15.0)
    coderay (1.1.2)
    concurrent-ruby (1.1.5)
    diff-lcs (1.3)
    dotenv (2.6.0)
    i18n (1.7.0)
      concurrent-ruby (~> 1.0)
    json (2.2.0)
    jsonapi-serializers (1.0.1)
      activesupport
    method_source (0.9.2)
    minitest (5.13.0)
    multi_json (1.14.1)
    mustermann (1.0.3)
    pry (0.12.2)
      coderay (~> 1.1.0)
      method_source (~> 0.9.0)
    rack (2.0.6)
    rack-protection (2.0.5)
      rack
    rspec (3.8.0)
      rspec-core (~> 3.8.0)
      rspec-expectations (~> 3.8.0)
      rspec-mocks (~> 3.8.0)
    rspec-core (3.8.0)
      rspec-support (~> 3.8.0)
    rspec-expectations (3.8.2)
      diff-lcs (>= 1.2.0, < 2.0)
      rspec-support (~> 3.8.0)
    rspec-mocks (3.8.0)
      diff-lcs (>= 1.2.0, < 2.0)
      rspec-support (~> 3.8.0)
    rspec-support (3.8.0)
    ruby-libvirt (0.7.1)
    sinatra (2.0.5)
      mustermann (~> 1.0)
      rack (~> 2.0)
      rack-protection (= 2.0.5)
      tilt (~> 2.0)
    sinatra-contrib (2.0.5)
      backports (>= 2.8.2)
      multi_json
      mustermann (~> 1.0)
      rack-protection (= 2.0.5)
      sinatra (= 2.0.5)
      tilt (>= 1.3, < 3)
    sinja (1.3.0)
      activesupport (>= 4.2.8, < 6)
      json (>= 1.8.3, < 3)
      jsonapi-serializers (>= 0.16.2, < 2)
      sinatra (>= 2.0.0.rc1, < 3)
      sinatra-contrib (>= 2.0.0.rc1, < 3)
    thread_safe (0.3.6)
    tilt (2.0.9)
    tzinfo (1.2.5)
      thread_safe (~> 0.1)

PLATFORMS
  ruby

DEPENDENCIES
  activesupport
  dotenv
  jsonapi-serializers
  pry
  rspec
  ruby-libvirt
  sinatra
  sinja

RUBY VERSION
   ruby 2.6.0p0

BUNDLED WITH
   2.0.2
